GEM
  remote: http://rubygems.org/
  specs:
    actionmailer (3.1.11)
      actionpack (= 3.1.11)
      mail (~> 2.3.3)
    actionpack (3.1.11)
      activemodel (= 3.1.11)
      activesupport (= 3.1.11)
      builder (~> 3.0.0)
      erubis (~> 2.7.0)
      i18n (~> 0.6)
      rack (~> 1.3.6)
      rack-cache (~> 1.2)
      rack-mount (~> 0.8.2)
      rack-test (~> 0.6.1)
      sprockets (~> 2.0.4)
    activemodel (3.1.11)
      activesupport (= 3.1.11)
      builder (~> 3.0.0)
      i18n (~> 0.6)
    activerecord (3.1.11)
      activemodel (= 3.1.11)
      activesupport (= 3.1.11)
      arel (~> 2.2.3)
      tzinfo (~> 0.3.29)
    activeresource (3.1.11)
      activemodel (= 3.1.11)
      activesupport (= 3.1.11)
    activesupport (3.1.11)
      multi_json (~> 1.0)
    ansi (1.3.0)
    arel (2.2.3)
    builder (3.0.4)
    call_center (0.1.3)
      builder
      hsume2-state_machine (~> 1.0.5)
    carmen (0.2.8)
    clockwork (0.2.4)
    coffee-rails (3.1.1)
      coffee-script (>= 2.2.0)
      railties (~> 3.1.0)
    coffee-script (2.2.0)
      coffee-script-source
      execjs
    coffee-script-source (1.1.2)
    diff-lcs (1.1.3)
    erubis (2.7.0)
    execjs (1.2.8)
      multi_json (~> 1.0)
    factory_girl (2.1.0)
    factory_girl_rails (1.2.0)
      factory_girl (~> 2.1.0)
      railties (>= 3.0.0)
    faker (1.0.0)
      i18n (~> 0.4)
    fakeweb (1.3.0)
    foreman (0.47.0)
      thor (>= 0.13.6)
    guard (0.7.0)
      thor (~> 0.14.6)
    guard-rspec (0.4.5)
      guard (>= 0.4.0)
    hike (1.2.1)
    hsume2-state_machine (1.0.5)
    i18n (0.6.1)
    jquery-rails (1.0.14)
      railties (~> 3.0)
      thor (~> 0.14)
    json (1.7.7)
    jwt (0.1.3)
      json (>= 1.2.4)
    mail (2.3.3)
      i18n (>= 0.4.0)
      mime-types (~> 1.16)
      treetop (~> 1.4.8)
    metaclass (0.0.1)
    mime-types (1.21)
    mocha (0.13.2)
      metaclass (~> 0.0.1)
    multi_json (1.6.1)
    pg (0.11.0)
    polyglot (0.3.3)
    pre-commit (0.1.16)
      execjs
    rack (1.3.10)
    rack-cache (1.2)
      rack (>= 0.4)
    rack-mount (0.8.3)
      rack (>= 1.0.0)
    rack-ssl (1.3.3)
      rack
    rack-test (0.6.2)
      rack (>= 1.0)
    rails (3.1.11)
      actionmailer (= 3.1.11)
      actionpack (= 3.1.11)
      activerecord (= 3.1.11)
      activeresource (= 3.1.11)
      activesupport (= 3.1.11)
      bundler (~> 1.0)
      railties (= 3.1.11)
    railties (3.1.11)
      actionpack (= 3.1.11)
      activesupport (= 3.1.11)
      rack-ssl (~> 1.3.2)
      rake (>= 0.8.7)
      rdoc (~> 3.4)
      thor (~> 0.14.6)
    rake (10.0.3)
    rdoc (3.12.1)
      json (~> 1.4)
    rspec (2.12.0)
      rspec-core (~> 2.12.0)
      rspec-expectations (~> 2.12.0)
      rspec-mocks (~> 2.12.0)
    rspec-core (2.12.2)
    rspec-expectations (2.12.1)
      diff-lcs (~> 1.1.3)
    rspec-mocks (2.12.2)
    rspec-rails (2.12.2)
      actionpack (>= 3.0)
      activesupport (>= 3.0)
      railties (>= 3.0)
      rspec-core (~> 2.12.0)
      rspec-expectations (~> 2.12.0)
      rspec-mocks (~> 2.12.0)
    ruby-graphviz (1.0.0)
    sass (3.1.7)
    sass-rails (3.1.2)
      actionpack (~> 3.1.0)
      railties (~> 3.1.0)
      sass (>= 3.1.4)
      sprockets (~> 2.0.0)
      tilt (~> 1.3.2)
    spork (0.9.0.rc9)
    sprockets (2.0.4)
      hike (~> 1.2)
      rack (~> 1.0)
      tilt (~> 1.1, != 1.3.0)
    sqlite3 (1.3.4)
    thor (0.14.6)
    tilt (1.3.3)
    timecop (0.3.5)
    treetop (1.4.12)
      polyglot
      polyglot (>= 0.3.1)
    turn (0.8.2)
      ansi (>= 1.2.2)
    twilio-ruby (3.3.1)
      builder (>= 2.1.2)
      jwt (>= 0.1.2)
      multi_json (>= 1.0.3)
    tzinfo (0.3.35)
    uglifier (1.0.3)
      execjs (>= 0.3.0)
      multi_json (>= 1.0.2)

PLATFORMS
  ruby

DEPENDENCIES
  call_center (~> 0.1.3)
  carmen
  clockwork
  coffee-rails (~> 3.1.0)
  factory_girl_rails
  faker
  fakeweb
  foreman
  guard
  guard-rspec
  jquery-rails
  mocha
  pg
  pre-commit
  rails (= 3.1.11)
  rspec
  rspec-rails
  ruby-graphviz
  sass-rails (~> 3.1.0)
  spork (~> 0.9.0.rc)
  sqlite3
  timecop
  turn
  twilio-ruby
  uglifier
